GEM
  remote: https://rubygems.org/
  specs:
    rice (4.3.3)

PLATFORMS
  arm64-darwin-23
  ruby

DEPENDENCIES
  rice

BUNDLED WITH
   2.5.22
